PATH
  remote: .
  specs:
    form_obj (1.0.3)
      activemodel (>= 3.2)
      activesupport (>= 3.2)
      typed_array (>= 1.0.2)

GEM
  remote: https://rubygems.org/
  specs:
    actionpack (3.2.0)
      activemodel (= 3.2.0)
      activesupport (= 3.2.0)
      builder (~> 3.0.0)
      erubis (~> 2.7.0)
      journey (~> 1.0.0)
      rack (~> 1.4.0)
      rack-cache (~> 1.1)
      rack-test (~> 0.6.1)
      sprockets (~> 2.1.2)
    activemodel (3.2.0)
      activesupport (= 3.2.0)
      builder (~> 3.0.0)
    activesupport (3.2.0)
      i18n (~> 0.6)
      multi_json (~> 1.0)
    appraisal (2.2.0)
      bundler
      rake
      thor (>= 0.14.0)
    builder (3.0.4)
    concurrent-ruby (1.1.5)
    erubis (2.7.0)
    hike (1.2.3)
    i18n (0.9.5)
      concurrent-ruby (~> 1.0)
    journey (1.0.4)
    minitest (5.11.3)
    multi_json (1.13.1)
    rack (1.4.7)
    rack-cache (1.9.0)
      rack (>= 0.4)
    rack-test (0.6.3)
      rack (>= 1.0)
    rake (10.5.0)
    sprockets (2.1.4)
      hike (~> 1.2)
      rack (~> 1.0)
      tilt (~> 1.1, != 1.3.0)
    thor (0.20.3)
    tilt (1.4.1)
    typed_array (1.0.2)

PLATFORMS
  ruby

DEPENDENCIES
  actionpack (>= 3.2)
  appraisal
  bundler (~> 1.16)
  form_obj!
  minitest (~> 5.0)
  rake (~> 10.0)

BUNDLED WITH
   1.17.3
